GEM
  remote: https://rubygems.org/
  specs:
    haml (4.0.5)
      tilt
    rake (10.3.2)
    tilt (1.4.1)

PLATFORMS
  ruby

DEPENDENCIES
  haml
  rake
